GEM
  remote: https://rubygems.org/
  specs:
    motion-osx-cli (1.0)
    rake (12.3.3)

PLATFORMS
  ruby

DEPENDENCIES
  motion-osx-cli
  rake
